PATH
  remote: .
  specs:
    ruby_checker (1.0.0)

GEM
  remote: https://rubygems.org/
  specs:
    ast (2.4.0)
    git_validation_task (1.1.0)
    jaro_winkler (1.5.4)
    jaro_winkler (1.5.4-java)
    minitest (5.14.0)
    parallel (1.19.1)
    parser (2.7.0.5)
      ast (~> 2.4.0)
    rainbow (3.0.0)
    rake (13.0.1)
    rexml (3.2.4)
    rubocop (0.80.1)
      jaro_winkler (~> 1.5.1)
      parallel (~> 1.10)
      parser (>= 2.7.0.1)
      rainbow (>= 2.2.2, < 4.0)
      rexml
      ruby-progressbar (~> 1.7)
      unicode-display_width (>= 1.4.0, < 1.7)
    rubocop-minitest (0.8.0)
      rubocop (>= 0.74)
    ruby-progressbar (1.10.1)
    unicode-display_width (1.6.1)

PLATFORMS
  java
  ruby

DEPENDENCIES
  bundler (~> 2.1.4)
  git_validation_task (~> 1.1.0)
  minitest (~> 5.14.0)
  rake (~> 13.0.1)
  rubocop (~> 0.80.1)
  rubocop-minitest (~> 0.8.0)
  ruby_checker!

BUNDLED WITH
   2.1.4
